GEM
  remote: https://rubygems.org/
  specs:
    rspec-core (3.10.1)
      rspec-support (~> 3.10.0)
    rspec-support (3.10.2)

PLATFORMS
  x64-mingw32

DEPENDENCIES
  rspec-core (~> 3.10)

BUNDLED WITH
   2.1.4
